PATH
  remote: .
  specs:
    redis_ip_validator_rails (0.0.1)
      activesupport (>= 4.0.0)
      redis (>= 2.2)

GEM
  remote: https://rubygems.org/
  specs:
    activesupport (4.1.5)
      i18n (~> 0.6, >= 0.6.9)
      json (~> 1.7, >= 1.7.7)
      minitest (~> 5.1)
      thread_safe (~> 0.1)
      tzinfo (~> 1.1)
    bundle (0.0.1)
      bundler
    git (1.2.8)
    i18n (0.6.11)
    json (1.8.1)
    minitest (5.4.0)
    rake (10.3.2)
    redis (3.1.0)
    thread_safe (0.3.4)
    tzinfo (1.2.2)
      thread_safe (~> 0.1)

PLATFORMS
  ruby

DEPENDENCIES
  bundle
  git
  minitest
  rake
  redis_ip_validator_rails!
